PATH
  remote: .
  specs:
    skybox (0.3.0)
      commander (~> 4.1.3)
      sinatra (~> 1.4.2)
      skydb (~> 0.3.0)
      thin (~> 1.5.0)
      unindentable (~> 0.1.0)

GEM
  remote: https://rubygems.org/
  specs:
    commander (4.1.3)
      highline (~> 1.6.11)
    daemons (1.1.9)
    eventmachine (1.0.3)
    highline (1.6.16)
    listen (0.7.3)
    metaclass (0.0.1)
    minitest (4.7.0)
    mocha (0.13.3)
      metaclass (~> 0.0.1)
    rack (1.5.2)
    rack-protection (1.5.0)
      rack
    rack-test (0.6.2)
      rack (>= 1.0)
    rake (10.0.4)
    rb-fsevent (0.9.3)
    rerun (0.8.0)
      listen
    sinatra (1.4.2)
      rack (~> 1.5, >= 1.5.2)
      rack-protection (~> 1.4)
      tilt (~> 1.3, >= 1.3.4)
    skydb (0.3.0)
    thin (1.5.1)
      daemons (>= 1.0.9)
      eventmachine (>= 0.12.6)
      rack (>= 1.0.0)
    tilt (1.3.6)
    unindentable (0.1.0)

PLATFORMS
  ruby

DEPENDENCIES
  minitest (~> 4.7.0)
  mocha (~> 0.13.3)
  rack-test (~> 0.6.2)
  rake (~> 10.0.4)
  rb-fsevent (~> 0.9.3)
  rerun (~> 0.8.0)
  skybox!
