PATH
  remote: .
  specs:
    skybox (0.1.0)
      commander (~> 4.1.2)
      sinatra (~> 1.3.3)

GEM
  remote: http://rubygems.org/
  specs:
    commander (4.1.2)
      highline (~> 1.6.11)
    highline (1.6.15)
    metaclass (0.0.1)
    minitest (4.3.3)
    mocha (0.13.1)
      metaclass (~> 0.0.1)
    rack (1.4.1)
    rack-protection (1.3.2)
      rack
    rake (10.0.3)
    sinatra (1.3.3)
      rack (~> 1.3, >= 1.3.6)
      rack-protection (~> 1.2)
      tilt (~> 1.3, >= 1.3.3)
    tilt (1.3.3)

PLATFORMS
  ruby

DEPENDENCIES
  minitest (~> 4.3.3)
  mocha (~> 0.13.1)
  rake (~> 10.0.3)
  skybox!
