PATH
  remote: .
  specs:
    skybox (0.1.0)
      commander (~> 4.1.2)
      sinatra (~> 1.3.3)
      skydb (~> 0.2.1)
      thin (~> 1.5.0)
      unindentable (~> 0.1.0)

GEM
  remote: http://rubygems.org/
  specs:
    chronic (0.9.0)
    commander (4.1.3)
      highline (~> 1.6.11)
    daemons (1.1.9)
    eventmachine (1.0.0)
    highline (1.6.15)
    listen (0.7.1)
    metaclass (0.0.1)
    minitest (4.3.3)
    mocha (0.13.1)
      metaclass (~> 0.0.1)
    msgpack (0.4.7)
    rack (1.4.3)
    rack-protection (1.3.2)
      rack
    rake (10.0.3)
    rb-fsevent (0.9.3)
    rerun (0.7.1)
      listen
    ruby-progressbar (1.0.2)
    sinatra (1.3.3)
      rack (~> 1.3, >= 1.3.6)
      rack-protection (~> 1.2)
      tilt (~> 1.3, >= 1.3.3)
    skydb (0.2.1)
      chronic (~> 0.9.0)
      commander (~> 4.1.3)
      msgpack (~> 0.4.7)
      ruby-progressbar (~> 1.0.2)
      unindentable (~> 0.1.0)
    thin (1.5.0)
      daemons (>= 1.0.9)
      eventmachine (>= 0.12.6)
      rack (>= 1.0.0)
    tilt (1.3.3)
    unindentable (0.1.0)

PLATFORMS
  ruby

DEPENDENCIES
  minitest (~> 4.3.3)
  mocha (~> 0.13.1)
  rake (~> 10.0.3)
  rb-fsevent (~> 0.9.1)
  rerun (~> 0.7.1)
  skybox!
